PATH
  remote: .
  specs:
    undelayed_job (0.0.1)
      delayed_job

GEM
  remote: http://rubygems.org/
  specs:
    activesupport (2.3.10)
    daemons (1.1.0)
    delayed_job (2.0.3)
      daemons
    rspec (1.3.1)

PLATFORMS
  ruby

DEPENDENCIES
  activesupport (~> 2.3)
  bundler (>= 1.0.0)
  delayed_job
  rspec (~> 1.3)
  undelayed_job!
